GEM
  remote: https://rubygems.org/
  specs:
    byebug (1.8.2)
      columnize (~> 0.3.6)
      debugger-linecache (~> 1.2.0)
    coderay (1.1.0)
    columnize (0.3.6)
    debugger-linecache (1.2.0)
    method_source (0.8.2)
    minitest (5.0.8)
    minitest-byebug (0.0.1)
      byebug (~> 1.8.2)
      minitest (~> 5.0.0)
    pry (0.9.12.4)
      coderay (~> 1.0)
      method_source (~> 0.8)
      slop (~> 3.4)
    pry-byebug (1.1.2)
      byebug (~> 1.6)
      pry (~> 0.9.12)
    slop (3.4.7)

PLATFORMS
  ruby

DEPENDENCIES
  byebug
  minitest
  minitest-byebug
  pry-byebug
